PATH
  remote: .
  specs:
    dates_resolver (0.1.0)

GEM
  remote: https://rubygems.org/
  specs:
    rake (13.0.1)

PLATFORMS
  ruby

DEPENDENCIES
  bundler (~> 1.16.a)
  dates_resolver!
  rake (~> 13.0)

BUNDLED WITH
   1.16.0.pre.2
